GEM
  remote: http://rubygems.org/
  specs:
    bson (1.2.4)
    bson_ext (1.2.4)
    haml (3.0.25)
    mongo (1.2.4)
      bson (>= 1.2.4)
    rack (1.2.1)
    sinatra (1.1.3)
      rack (~> 1.1)
      tilt (>= 1.2.2, < 2.0)
    tilt (1.2.2)

PLATFORMS
  ruby

DEPENDENCIES
  bson_ext
  haml
  mongo
  sinatra
